GIT
  remote: https://github.com/openpprn/forem.git
  revision: 5ebf0859f21b13a7381e6448b34c7c783773df21
  branch: rails-4.2
  specs:
    forem (1.0.0.beta1)
      cancancan (~> 1.7)
      decorators (~> 1.0.2)
      friendly_id (~> 5.0.0)
      gemoji (= 2.1.0)
      rails (>= 4.0.3, < 5.0.0)
      sanitize (= 2.0.6)
      select2-rails (~> 3.5.4)
      simple_form (~> 3.0.1)
      workflow (= 1.0.0)

GEM
  remote: https://rubygems.org/
  specs:
    actionmailer (4.1.7)
      actionpack (= 4.1.7)
      actionview (= 4.1.7)
      mail (~> 2.5, >= 2.5.4)
    actionpack (4.1.7)
      actionview (= 4.1.7)
      activesupport (= 4.1.7)
      rack (~> 1.5.2)
      rack-test (~> 0.6.2)
    actionview (4.1.7)
      activesupport (= 4.1.7)
      builder (~> 3.1)
      erubis (~> 2.7.0)
    activemodel (4.1.7)
      activesupport (= 4.1.7)
      builder (~> 3.1)
    activerecord (4.1.7)
      activemodel (= 4.1.7)
      activesupport (= 4.1.7)
      arel (~> 5.0.0)
    activesupport (4.1.7)
      i18n (~> 0.6, >= 0.6.9)
      json (~> 1.7, >= 1.7.7)
      minitest (~> 5.1)
      thread_safe (~> 0.1)
      tzinfo (~> 1.1)
    acts-as-dag (4.0.0)
      activemodel
      activerecord (~> 4.0, >= 4.0.0)
    acts-as-taggable-on (3.4.2)
      activerecord (>= 3.2, < 5)
    addressable (2.3.6)
    airbrake (4.1.0)
      builder
      multi_json
    ambry (0.3.1)
    ansi (1.4.3)
    arel (5.0.1.20140414130214)
    authority (3.0.0)
      activesupport (>= 3.0.0)
      rake (>= 0.8.7)
    autoprefixer-rails (4.0.1.1)
      execjs
    bcrypt (3.1.9)
    better_errors (2.0.0)
      coderay (>= 1.0.0)
      erubis (>= 2.6.6)
      rack (>= 0.9.0)
    binding_of_caller (0.7.2)
      debug_inspector (>= 0.0.1)
    bootstrap-generators (3.2.0)
      railties (>= 3.1.0)
    bootstrap-sass (3.3.1.0)
      sass (~> 3.2)
    builder (3.2.2)
    byebug (3.5.1)
      columnize (~> 0.8)
      debugger-linecache (~> 1.2)
      slop (~> 3.6)
    callsite (0.0.11)
    cancancan (1.17.0)
    capybara (2.4.4)
      mime-types (>= 1.16)
      nokogiri (>= 1.3.3)
      rack (>= 1.0.0)
      rack-test (>= 0.5.4)
      xpath (~> 2.0)
    carrierwave (0.10.0)
      activemodel (>= 3.2.0)
      activesupport (>= 3.2.0)
      json (>= 1.7)
      mime-types (>= 1.16)
    childprocess (0.5.5)
      ffi (~> 1.0, >= 1.0.11)
    coderay (1.1.0)
    coffee-rails (4.1.0)
      coffee-script (>= 2.2.0)
      railties (>= 4.0.0, < 5.0)
    coffee-script (2.3.0)
      coffee-script-source
      execjs
    coffee-script-source (1.8.0)
    columnize (0.8.9)
    concurrent-ruby (1.1.10)
    daemons (1.1.9)
    debug_inspector (0.0.2)
    debugger-linecache (1.2.0)
    decorators (1.0.5)
      railties (>= 3.0.19)
    devise (3.4.1)
      bcrypt (~> 3.0)
      orm_adapter (~> 0.1)
      railties (>= 3.2.6, < 5)
      responders
      thread_safe (~> 0.1)
      warden (~> 1.2.3)
    docile (1.1.5)
    erubis (2.7.0)
    eventmachine (1.0.3)
    execjs (2.2.2)
    faraday (0.9.0)
      multipart-post (>= 1.2, < 3)
    faraday_middleware (0.9.1)
      faraday (>= 0.7.4, < 0.10)
    ffi (1.9.6)
    figaro (1.0.0)
      thor (~> 0.14)
    friendly_id (5.0.5)
      activerecord (>= 4.0.0)
    gemoji (2.1.0)
    geocoder (1.2.6)
    haml (4.0.6)
      tilt
    hashie (2.0.5)
    hike (1.2.3)
    i18n (0.9.5)
      concurrent-ruby (~> 1.0)
    jbuilder (2.2.5)
      activesupport (>= 3.0.0, < 5)
      multi_json (~> 1.2)
    jquery-rails (3.1.2)
      railties (>= 3.0, < 5.0)
      thor (>= 0.14, < 2.0)
    json (1.8.1)
    kaminari (0.16.1)
      actionpack (>= 3.0.0)
      activesupport (>= 3.0.0)
    koala (1.10.1)
      addressable
      faraday
      multi_json
    mail (2.6.3)
      mime-types (>= 1.16, < 3)
    merit (2.2.0)
      ambry (~> 0.3.0)
    meta_request (0.3.4)
      callsite (~> 0.0, >= 0.0.11)
      rack-contrib (~> 1.1)
      railties (>= 3.0.0, < 5.0.0)
    mime-types (2.4.3)
    mini_magick (4.0.1)
    mini_portile (0.6.1)
    minitest (5.4.3)
    minitest-capybara (0.7.1)
      capybara (~> 2.2)
      minitest (~> 5.0)
      rake
    minitest-metadata (0.5.3)
      minitest (>= 4.7, < 6.0)
    minitest-rails (2.1.1)
      minitest (~> 5.4)
      railties (~> 4.1)
    minitest-rails-capybara (2.1.1)
      capybara (~> 2.0)
      minitest-capybara (~> 0.7.0)
      minitest-metadata (~> 0.5.0)
      minitest-rails (~> 2.1)
    minitest-reporters (1.0.8)
      ansi
      builder
      minitest (>= 5.0)
      ruby-progressbar
    multi_json (1.10.1)
    multipart-post (2.0.0)
    nokogiri (1.6.5)
      mini_portile (~> 0.6.0)
    orm_adapter (0.5.0)
    pg (0.17.1)
    rack (1.5.2)
    rack-contrib (1.2.0)
      rack (>= 0.9.1)
    rack-test (0.6.2)
      rack (>= 1.0)
    rails (4.1.7)
      actionmailer (= 4.1.7)
      actionpack (= 4.1.7)
      actionview (= 4.1.7)
      activemodel (= 4.1.7)
      activerecord (= 4.1.7)
      activesupport (= 4.1.7)
      bundler (>= 1.3.0, < 2.0)
      railties (= 4.1.7)
      sprockets-rails (~> 2.0)
    rails_12factor (0.0.3)
      rails_serve_static_assets
      rails_stdout_logging
    rails_serve_static_assets (0.0.2)
    rails_stdout_logging (0.0.3)
    railties (4.1.7)
      actionpack (= 4.1.7)
      activesupport (= 4.1.7)
      rake (>= 0.8.7)
      thor (>= 0.18.1, < 2.0)
    rake (10.4.2)
    rdoc (4.1.2)
      json (~> 1.4)
    redcarpet (3.2.1)
    responders (1.1.2)
      railties (>= 3.2, < 4.2)
    rolify (3.4.1)
    ruby-progressbar (1.7.0)
    rubyzip (1.1.6)
    sanitize (2.0.6)
      nokogiri (>= 1.4.4)
    sass (3.2.19)
    sass-rails (4.0.5)
      railties (>= 4.0.0, < 5.0)
      sass (~> 3.2.2)
      sprockets (~> 2.8, < 3.0)
      sprockets-rails (~> 2.0)
    sdoc (0.4.1)
      json (~> 1.7, >= 1.7.7)
      rdoc (~> 4.0)
    select2-rails (3.5.11)
    selenium-webdriver (2.44.0)
      childprocess (~> 0.5)
      multi_json (~> 1.0)
      rubyzip (~> 1.0)
      websocket (~> 1.0)
    simple_form (3.0.4)
      actionpack (~> 4.0)
      activemodel (~> 4.0)
    simplecov (0.9.1)
      docile (~> 1.1.0)
      multi_json (~> 1.0)
      simplecov-html (~> 0.8.0)
    simplecov-html (0.8.0)
    slop (3.6.0)
    spring (1.2.0)
    sprockets (2.12.3)
      hike (~> 1.2)
      multi_json (~> 1.0)
      rack (~> 1.0)
      tilt (~> 1.1, != 1.3.0)
    sprockets-rails (2.2.2)
      actionpack (>= 3.0)
      activesupport (>= 3.0)
      sprockets (>= 2.8, < 4.0)
    thin (1.6.3)
      daemons (~> 1.0, >= 1.0.9)
      eventmachine (~> 1.0)
      rack (~> 1.0)
    thor (0.19.1)
    thread_safe (0.3.4)
    tilt (1.4.1)
    turbolinks (2.5.2)
      coffee-rails
    tzinfo (1.2.2)
      thread_safe (~> 0.1)
    uglifier (2.5.3)
      execjs (>= 0.3.0)
      json (>= 1.8.0)
    validic (0.3.3)
      activesupport
      faraday_middleware (~> 0.9.0)
      hashie (~> 2.0.3)
      multi_json
    warden (1.2.3)
      rack (>= 1.0)
    websocket (1.2.1)
    workflow (1.0.0)
    xpath (2.0.0)
      nokogiri (~> 1.3)

PLATFORMS
  ruby

DEPENDENCIES
  acts-as-dag
  acts-as-taggable-on
  airbrake
  authority
  autoprefixer-rails
  better_errors
  binding_of_caller
  bootstrap-generators (~> 3.2.0)
  bootstrap-sass
  byebug
  carrierwave
  coffee-rails (~> 4.1.0)
  devise
  faraday
  figaro
  forem!
  geocoder
  haml
  jbuilder (~> 2.0)
  jquery-rails (~> 3.1.2)
  kaminari (~> 0.16.1)
  koala (~> 1.10.0rc)
  merit
  meta_request
  mini_magick
  minitest-rails
  minitest-rails-capybara
  minitest-reporters
  pg
  rails (= 4.1.7)
  rails_12factor
  redcarpet (~> 3.2.0)
  rolify
  sass-rails (~> 4.0.4)
  sdoc (~> 0.4.0)
  selenium-webdriver
  simplecov
  spring
  thin
  turbolinks
  uglifier (>= 1.3.0)
  validic
